GEM
  remote: https://rubygems.org/
  specs:
    ffi (1.17.2-aarch64-linux-gnu)
    ffi (1.17.2-aarch64-linux-musl)
    ffi (1.17.2-arm-linux-gnu)
    ffi (1.17.2-arm-linux-musl)
    ffi (1.17.2-arm64-darwin)
    ffi (1.17.2-x86-linux-gnu)
    ffi (1.17.2-x86-linux-musl)
    ffi (1.17.2-x86_64-darwin)
    ffi (1.17.2-x86_64-linux-gnu)
    ffi (1.17.2-x86_64-linux-musl)
    listen (3.9.0)
      rb-fsevent (~> 0.10, >= 0.10.3)
      rb-inotify (~> 0.9, >= 0.9.10)
    mustermann (2.0.2)
      ruby2_keywords (~> 0.0.1)
    rack (2.2.17)
    rack-protection (2.2.2)
      rack
    rackup (1.0.1)
      rack (< 3)
      webrick
    rb-fsevent (0.11.2)
    rb-inotify (0.11.1)
      ffi (~> 1.0)
    rerun (0.14.0)
      listen (~> 3.0)
    ruby2_keywords (0.0.5)
    sinatra (2.2.2)
      mustermann (~> 2.0)
      rack (~> 2.2)
      rack-protection (= 2.2.2)
      tilt (~> 2.0)
    sqlite3 (2.7.3-aarch64-linux-gnu)
    sqlite3 (2.7.3-aarch64-linux-musl)
    sqlite3 (2.7.3-arm-linux-gnu)
    sqlite3 (2.7.3-arm-linux-musl)
    sqlite3 (2.7.3-arm64-darwin)
    sqlite3 (2.7.3-x86-linux-gnu)
    sqlite3 (2.7.3-x86-linux-musl)
    sqlite3 (2.7.3-x86_64-darwin)
    sqlite3 (2.7.3-x86_64-linux-gnu)
    sqlite3 (2.7.3-x86_64-linux-musl)
    tilt (2.6.1)
    webrick (1.9.1)

PLATFORMS
  aarch64-linux-gnu
  aarch64-linux-musl
  arm-linux-gnu
  arm-linux-musl
  arm64-darwin
  x86-linux-gnu
  x86-linux-musl
  x86_64-darwin
  x86_64-linux-gnu
  x86_64-linux-musl

DEPENDENCIES
  rack
  rackup
  rerun
  sinatra (= 2.2.2)
  sqlite3
  webrick

BUNDLED WITH
   2.6.9
